GEM
  remote: http://rubygems.org/
  specs:
    awesome_print (0.2.1)
    bson (1.1)
    bson_ext (1.1.1)
    diff-lcs (1.1.2)
    gemcutter (0.6.1)
    git (1.2.5)
    jeweler (1.4.0)
      gemcutter (>= 0.1.0)
      git (>= 1.2.5)
      rubyforge (>= 2.0.0)
    json_pure (1.4.6)
    jsonschema (2.0.0)
    mongo (1.1)
      bson (>= 1.0.5)
    nokogiri (1.4.3.1)
    rake (0.8.7)
    rspec (2.0.0)
      rspec-core (= 2.0.0)
      rspec-expectations (= 2.0.0)
      rspec-mocks (= 2.0.0)
    rspec-core (2.0.0)
    rspec-expectations (2.0.0)
      diff-lcs (>= 1.1.2)
    rspec-mocks (2.0.0)
      rspec-core (= 2.0.0)
      rspec-expectations (= 2.0.0)
    rubyforge (2.0.4)
      json_pure (>= 1.1.7)

PLATFORMS
  ruby

DEPENDENCIES
  awesome_print
  bson_ext
  jeweler
  jsonschema
  mongo
  nokogiri
  rake
  rspec
