PATH
  remote: .
  specs:
    quality-measure-engine (2.0.0)
      moped (~> 1.2.7)
      redis (~> 3.0.2)
      resque (~> 1.23.0)
      resque-status (~> 0.3.3)
      rubyzip (~> 0.9.9)

GEM
  remote: https://rubygems.org/
  specs:
    coderay (1.0.7)
    macaddr (1.6.1)
      systemu (~> 2.5.0)
    method_source (0.8)
    minitest (4.1.0)
    moped (1.2.7)
    multi_json (1.3.6)
    pry (0.9.10)
      coderay (~> 1.0.5)
      method_source (~> 0.8)
      slop (~> 3.3.1)
    pry-nav (0.2.2)
      pry (~> 0.9.10)
    rack (1.4.1)
    rack-protection (1.2.0)
      rack
    redis (3.0.2)
    redis-namespace (1.2.1)
      redis (~> 3.0.0)
    redisk (0.2.2)
      redis (>= 0.1.1)
      redis-namespace (>= 0.1.0)
    resque (1.23.0)
      multi_json (~> 1.0)
      redis-namespace (~> 1.0)
      sinatra (>= 0.9.2)
      vegas (~> 0.1.2)
    resque-status (0.3.3)
      redisk (>= 0.2.1)
      resque (~> 1.19)
      uuid (~> 2.3)
    rubyzip (0.9.9)
    simplecov (0.7.1)
      multi_json (~> 1.0)
      simplecov-html (~> 0.7.1)
    simplecov-html (0.7.1)
    sinatra (1.3.3)
      rack (~> 1.3, >= 1.3.6)
      rack-protection (~> 1.2)
      tilt (~> 1.3, >= 1.3.3)
    slop (3.3.3)
    systemu (2.5.2)
    tilt (1.3.3)
    uuid (2.3.5)
      macaddr (~> 1.0)
    vegas (0.1.11)
      rack (>= 1.0.0)

PLATFORMS
  ruby

DEPENDENCIES
  minitest (~> 4.1.0)
  pry
  pry-nav
  quality-measure-engine!
  simplecov (~> 0.7.1)
