GEM
  remote: http://rubygems.org/
  specs:
    awesome_print (0.3.1)
    bluecloth (2.0.9)
    bson (1.1.4)
    bson_ext (1.1.4)
    diff-lcs (1.1.2)
    git (1.2.5)
    jeweler (1.5.1)
      bundler (~> 1.0.0)
      git (>= 1.2.5)
      rake
    jsonschema (2.0.0)
    mongo (1.1.4)
      bson (>= 1.1.1)
    nokogiri (1.4.4)
    rake (0.8.7)
    rspec (2.3.0)
      rspec-core (~> 2.3.0)
      rspec-expectations (~> 2.3.0)
      rspec-mocks (~> 2.3.0)
    rspec-core (2.3.0)
    rspec-expectations (2.3.0)
      diff-lcs (~> 1.1.2)
    rspec-mocks (2.3.0)
    yard (0.6.3)

PLATFORMS
  ruby

DEPENDENCIES
  awesome_print
  bluecloth
  bson_ext
  jeweler
  jsonschema
  mongo
  nokogiri
  rake
  rspec
  yard
