GIT
  remote: https://github.com/projectcypress/health-data-standards.git
  revision: e8f05bda0eb60faad29536c5401933b7dd80fa53
  branch: develop
  specs:
    health-data-standards (2.1.0)
      builder (~> 3.0.0)
      erubis (~> 2.7.0)
      mongoid (~> 3.0.6)
      nokogiri (~> 1.5.5)
      uuid (~> 2.3.5)

PATH
  remote: .
  specs:
    quality-measure-engine (2.0.0)
      nokogiri (>= 1.4.4)
      redis (~> 2.2.2)
      resque (~> 1.15.0)
      resque-status (~> 0.2.3)
      rubyzip (~> 0.9.4)

GEM
  remote: http://rubygems.org/
  specs:
    activemodel (3.2.8)
      activesupport (= 3.2.8)
      builder (~> 3.0.0)
    activesupport (3.2.8)
      i18n (~> 0.6)
      multi_json (~> 1.0)
    awesome_print (0.4.0)
    builder (3.0.3)
    choice (0.1.6)
    coderay (1.0.7)
    configatron (2.9.1)
      yamler (>= 0.1.0)
    cover_me (1.2.0)
      configatron
      hashie
    diff-lcs (1.1.3)
    erubis (2.7.0)
    faraday (0.8.1)
      multipart-post (~> 1.1)
    google-spreadsheet-ruby (0.1.8)
      nokogiri (>= 1.4.3.1)
      oauth (>= 0.3.6)
      oauth2 (>= 0.5.0)
    hashie (1.2.0)
    httpauth (0.1)
    i18n (0.6.1)
    json (1.4.6)
    jsonschema (2.0.2)
    kramdown (0.13.7)
    log4r (1.1.10)
    macaddr (1.6.1)
      systemu (~> 2.5.0)
    method_source (0.8)
    mongoid (3.0.6)
      activemodel (~> 3.1)
      moped (~> 1.1)
      origin (~> 1.0)
      tzinfo (~> 0.3.22)
    moped (1.2.5)
    multi_json (1.3.6)
    multipart-post (1.1.5)
    nokogiri (1.5.5)
    oauth (0.4.6)
    oauth2 (0.7.1)
      faraday (~> 0.8)
      httpauth (~> 0.1)
      multi_json (~> 1.0)
      rack (~> 1.4)
    origin (1.0.9)
    pry (0.9.10)
      coderay (~> 1.0.5)
      method_source (~> 0.8)
      slop (~> 3.3.1)
    rack (1.4.1)
    rack-protection (1.2.0)
      rack
    rake (0.9.2.2)
    redis (2.2.2)
    redis-namespace (1.1.0)
      redis (< 3.0.0)
    redisk (0.2.2)
      redis (>= 0.1.1)
      redis-namespace (>= 0.1.0)
    resque (1.15.0)
      json (~> 1.4.6)
      redis-namespace (>= 0.10.0)
      sinatra (>= 0.9.2)
      vegas (~> 0.1.2)
    resque-status (0.2.4)
      redisk (>= 0.2.1)
      resque (>= 1.3.1)
      uuid (>= 2.0.2)
    roo (1.9.7)
      choice (>= 0.1.4)
      google-spreadsheet-ruby (>= 0.1.5)
      nokogiri (>= 1.5.0)
      spreadsheet (> 0.6.4)
      todonotes (>= 0.1.0)
    rspec (2.5.0)
      rspec-core (~> 2.5.0)
      rspec-expectations (~> 2.5.0)
      rspec-mocks (~> 2.5.0)
    rspec-core (2.5.2)
    rspec-expectations (2.5.0)
      diff-lcs (~> 1.1.2)
    rspec-mocks (2.5.0)
    ruby-ole (1.2.11.3)
    rubyzip (0.9.9)
    sinatra (1.3.2)
      rack (~> 1.3, >= 1.3.6)
      rack-protection (~> 1.2)
      tilt (~> 1.3, >= 1.3.3)
    slop (3.3.3)
    spreadsheet (0.6.5.9)
      ruby-ole (>= 1.0)
    systemu (2.5.2)
    tilt (1.3.3)
    todonotes (0.1.0)
      log4r
    tzinfo (0.3.33)
    uuid (2.3.5)
      macaddr (~> 1.0)
    vegas (0.1.11)
      rack (>= 1.0.0)
    yamler (0.1.0)
    yard (0.8.2.1)

PLATFORMS
  ruby

DEPENDENCIES
  awesome_print (~> 0.3)
  builder (~> 3.0.0)
  cover_me (>= 1.0.0.rc5)
  google-spreadsheet-ruby (~> 0.1.2)
  health-data-standards!
  jsonschema (~> 2.0.0)
  kramdown
  pry
  quality-measure-engine!
  rake
  redis (~> 2.2.2)
  roo (~> 1.9.3)
  rspec (~> 2.5.0)
  sinatra
  spreadsheet (~> 0.6.5.2)
  yard
